GEM
  remote: http://rubygems.org/
  specs:
    abstract (1.0.0)
    actionmailer (3.0.0.beta4)
      actionpack (= 3.0.0.beta4)
      mail (~> 2.2.3)
    actionpack (3.0.0.beta4)
      activemodel (= 3.0.0.beta4)
      activesupport (= 3.0.0.beta4)
      builder (~> 2.1.2)
      erubis (~> 2.6.5)
      i18n (~> 0.4.1)
      rack (~> 1.1.0)
      rack-mount (~> 0.6.3)
      rack-test (~> 0.5.4)
      tzinfo (~> 0.3.16)
    activemodel (3.0.0.beta4)
      activesupport (= 3.0.0.beta4)
      builder (~> 2.1.2)
      i18n (~> 0.4.1)
    activerecord (3.0.0.beta4)
      activemodel (= 3.0.0.beta4)
      activesupport (= 3.0.0.beta4)
      arel (~> 0.4.0)
      tzinfo (~> 0.3.16)
    activeresource (3.0.0.beta4)
      activemodel (= 3.0.0.beta4)
      activesupport (= 3.0.0.beta4)
    activesupport (3.0.0.beta4)
    arel (0.4.0)
      activesupport (>= 3.0.0.beta)
    bson (1.0.3)
    bson_ext (1.0.1)
    builder (2.1.2)
    bundler (1.0.0.beta.1)
    cgi_multipart_eof_fix (2.5.0)
    daemons (1.1.0)
    devise (1.0.8)
      warden (~> 0.10.3)
    erubis (2.6.6)
      abstract (>= 1.0.0)
    fastthread (1.0.7)
    gem_plugin (0.2.3)
    haml (3.0.13)
    i18n (0.4.1)
    jnunemaker-validatable (1.8.4)
      activesupport (>= 2.3.4)
    mail (2.2.5)
      activesupport (>= 2.3.6)
      mime-types
      treetop (>= 1.4.5)
    mime-types (1.16)
    mongo (1.0.3)
      bson (= 1.0.3)
    mongo_mapper (0.8.2)
      activesupport (>= 2.3.4)
      jnunemaker-validatable (~> 1.8.4)
      plucky (~> 0.3.1)
    mongrel (1.1.5)
      cgi_multipart_eof_fix (>= 2.4)
      daemons (>= 1.0.3)
      fastthread (>= 1.0.1)
      gem_plugin (>= 0.2.3)
    mongrel (1.1.5-java)
      gem_plugin (>= 0.2.3)
    mongrel (1.1.5-x86-mingw32)
      cgi_multipart_eof_fix (>= 2.4)
      gem_plugin (>= 0.2.3)
    mongrel (1.1.5-x86-mswin32-60)
      cgi_multipart_eof_fix (>= 2.4)
      gem_plugin (>= 0.2.3)
    plucky (0.3.2)
      mongo (~> 1.0.1)
    polyglot (0.3.1)
    rack (1.1.0)
    rack-mount (0.6.6)
      rack
    rack-test (0.5.4)
      rack (>= 1.0)
    rails (3.0.0.beta4)
      actionmailer (= 3.0.0.beta4)
      actionpack (= 3.0.0.beta4)
      activerecord (= 3.0.0.beta4)
      activeresource (= 3.0.0.beta4)
      activesupport (= 3.0.0.beta4)
      bundler (>= 0.9.26)
      railties (= 3.0.0.beta4)
    railties (3.0.0.beta4)
      actionpack (= 3.0.0.beta4)
      activesupport (= 3.0.0.beta4)
      rake (>= 0.8.3)
      thor (~> 0.13.6)
    rake (0.8.7)
    sqlite3-ruby (1.3.0)
    sqlite3-ruby (1.3.0-x86-mingw32)
    sqlite3-ruby (1.3.0-x86-mswin32-60)
    thor (0.13.7)
    treetop (1.4.8)
      polyglot (>= 0.3.1)
    tzinfo (0.3.22)
    warden (0.10.7)
      rack (>= 1.0.0)

PLATFORMS
  ruby

DEPENDENCIES
  bson_ext
  devise
  haml
  mongo
  mongo_mapper
  mongrel
  rails (= 3.0.0.beta4)
  sqlite3-ruby
